GEM
  remote: http://rubygems.org/
  specs:
    gchartrb (0.8)
    hpricot (0.8.6)
    json (1.7.7)
    rack (1.4.1)
    rack-protection (1.2.0)
      rack
    sinatra (1.3.3)
      rack (~> 1.3, >= 1.3.6)
      rack-protection (~> 1.2)
      tilt (~> 1.3, >= 1.3.3)
    tilt (1.3.3)

PLATFORMS
  ruby

DEPENDENCIES
  gchartrb (~> 0.8)
  hpricot (~> 0.8)
  json (~> 1.5)
  sinatra (~> 1.3)
