GEM
  remote: http://rubygems.org/
  specs:
    gchartrb (0.8)

PLATFORMS
  ruby

DEPENDENCIES
  gchartrb (= 0.8)
